GEM
  remote: https://rubygems.org/
  specs:
    concurrent-ruby (1.1.9)
    deep_merge (1.2.1)
    facter (4.2.5)
      hocon (~> 1.3)
      thor (>= 1.0.1, < 2.0)
    fast_gettext (1.8.0)
    hiera (3.7.0)
    hiera-eyaml (3.2.0)
      highline (~> 1.6.19)
      optimist
    highline (1.6.21)
    hocon (1.3.1)
    httpclient (2.8.3)
    locale (2.1.3)
    multi_json (1.15.0)
    optimist (3.0.1)
    puppet (6.25.1)
      concurrent-ruby (~> 1.0)
      deep_merge (~> 1.0)
      facter (> 2.0.1, < 5)
      fast_gettext (~> 1.1)
      hiera (>= 3.2.1, < 4)
      httpclient (~> 2.8)
      locale (~> 2.1)
      multi_json (~> 1.10)
      puppet-resource_api (~> 1.5)
      semantic_puppet (~> 1.0)
    puppet-resource_api (1.8.14)
      hocon (>= 1.0)
    semantic_puppet (1.0.4)
    thor (1.1.0)

PLATFORMS
  ruby

DEPENDENCIES
  hiera-eyaml (~> 3.2)
  puppet (~> 6.25)

RUBY VERSION
   ruby 2.7.0p0

BUNDLED WITH
   2.1.4
